GEM
  remote: https://rubygems.org/
  specs:
    coderay (1.1.0)
    daemons (1.2.3)
    dotenv (2.0.2)
    eventmachine (1.0.8)
    ffi (1.9.10)
    foreman (0.78.0)
      thor (~> 0.19.1)
    formatador (0.2.5)
    guard (2.13.0)
      formatador (>= 0.2.4)
      listen (>= 2.7, <= 4.0)
      lumberjack (~> 1.0)
      nenv (~> 0.1)
      notiffany (~> 0.0)
      pry (>= 0.9.12)
      shellany (~> 0.0)
      thor (>= 0.18.1)
    guard-compat (1.2.1)
    guard-minitest (2.4.4)
      guard-compat (~> 1.2)
      minitest (>= 3.0)
    listen (3.0.4)
      rb-fsevent (>= 0.9.3)
      rb-inotify (>= 0.9)
    lumberjack (1.0.9)
    method_source (0.8.2)
    minitest (5.8.2)
    nenv (0.2.0)
    notiffany (0.0.8)
      nenv (~> 0.1)
      shellany (~> 0.0)
    poseidon (0.0.5)
    pry (0.10.3)
      coderay (~> 1.1.0)
      method_source (~> 0.8.1)
      slop (~> 3.4)
    rack (1.6.4)
    rack-protection (1.5.3)
      rack
    rb-fsevent (0.9.6)
    rb-inotify (0.9.5)
      ffi (>= 0.5.0)
    shellany (0.0.1)
    sinatra (1.4.6)
      rack (~> 1.4)
      rack-protection (~> 1.4)
      tilt (>= 1.3, < 3)
    slack-notifier (1.4.0)
    slop (3.6.0)
    snappy (0.0.12)
    thin (1.6.4)
      daemons (~> 1.0, >= 1.0.9)
      eventmachine (~> 1.0, >= 1.0.4)
      rack (~> 1.0)
    thor (0.19.1)
    tilt (2.0.1)

PLATFORMS
  ruby

DEPENDENCIES
  dotenv
  foreman
  guard
  guard-minitest
  poseidon
  pry
  sinatra
  slack-notifier
  snappy
  thin

BUNDLED WITH
   1.10.6
